GEM
  remote: https://rubygems.org/
  specs:
    chunky_png (1.3.3)
    compass (0.12.7)
      chunky_png (~> 1.2)
      fssm (>= 0.2.7)
      sass (~> 3.2.19)
    fssm (0.2.10)
    gridle (1.1.0)
      compass (>= 0.12.1)
      sass (>= 3.2.0)
    sass (3.2.19)

PLATFORMS
  ruby

DEPENDENCIES
  compass (= 0.12.7)
  gridle
  sass (~> 3.2)
